PATH
  remote: .
  specs:
    second_level_cache (2.0.0.beta)
      activesupport (~> 4.0.0.beta1)

GEM
  remote: https://rubygems.org/
  specs:
    activemodel (4.0.0.beta1)
      activesupport (= 4.0.0.beta1)
      builder (~> 3.1.0)
    activerecord (4.0.0.beta1)
      activemodel (= 4.0.0.beta1)
      activerecord-deprecated_finders (~> 0.0.3)
      activesupport (= 4.0.0.beta1)
      arel (~> 4.0.0.beta1)
    activerecord-deprecated_finders (0.0.3)
    activesupport (4.0.0.beta1)
      i18n (~> 0.6.2)
      minitest (~> 4.2)
      multi_json (~> 1.3)
      thread_safe (~> 0.1)
      tzinfo (~> 0.3.33)
    arel (4.0.0)
    atomic (1.1.8)
    builder (3.1.4)
    database_cleaner (1.0.0.RC1)
    i18n (0.6.4)
    minitest (4.7.3)
    multi_json (1.7.2)
    rake (10.0.4)
    sqlite3 (1.3.7)
    thread_safe (0.1.0)
      atomic
    tzinfo (0.3.37)

PLATFORMS
  ruby

DEPENDENCIES
  activerecord (~> 4.0.0.beta1)
  database_cleaner (~> 1.0.0.RC1)
  rake
  second_level_cache!
  sqlite3
